PATH
  remote: .
  specs:
    athena-udf (0.1.1)
      base64
      csv
      red-arrow (~> 12.0.1)

GEM
  remote: https://rubygems.org/
  specs:
    ast (2.4.2)
    base64 (0.2.0)
    bigdecimal (3.1.8)
    csv (3.3.0)
    diff-lcs (1.5.1)
    docile (1.4.1)
    extpp (0.1.1)
    fiddle (1.1.2)
    gem-release (2.2.2)
    gio2 (4.2.2)
      fiddle
      gobject-introspection (= 4.2.2)
    glib2 (4.2.2)
      native-package-installer (>= 1.0.3)
      pkg-config (>= 1.3.5)
    gobject-introspection (4.2.2)
      glib2 (= 4.2.2)
    json (2.7.2)
    language_server-protocol (3.17.0.3)
    native-package-installer (1.1.9)
    parallel (1.26.3)
    parser (3.3.4.2)
      ast (~> 2.4.1)
      racc
    pkg-config (1.5.6)
    racc (1.8.1)
    rainbow (3.1.1)
    rake (13.2.1)
    red-arrow (12.0.1)
      bigdecimal (>= 3.1.0)
      extpp (>= 0.1.1)
      gio2 (>= 3.5.0)
      native-package-installer
      pkg-config
    regexp_parser (2.9.2)
    rexml (3.3.5)
      strscan
    rspec (3.13.0)
      rspec-core (~> 3.13.0)
      rspec-expectations (~> 3.13.0)
      rspec-mocks (~> 3.13.0)
    rspec-core (3.13.0)
      rspec-support (~> 3.13.0)
    rspec-expectations (3.13.1)
      diff-lcs (>= 1.2.0, < 2.0)
      rspec-support (~> 3.13.0)
    rspec-mocks (3.13.1)
      diff-lcs (>= 1.2.0, < 2.0)
      rspec-support (~> 3.13.0)
    rspec-support (3.13.1)
    rubocop (1.65.1)
      json (~> 2.3)
      language_server-protocol (>= 3.17.0)
      parallel (~> 1.10)
      parser (>= 3.3.0.2)
      rainbow (>= 2.2.2, < 4.0)
      regexp_parser (>= 2.4, < 3.0)
      rexml (>= 3.2.5, < 4.0)
      rubocop-ast (>= 1.31.1, < 2.0)
      ruby-progressbar (~> 1.7)
      unicode-display_width (>= 2.4.0, < 3.0)
    rubocop-ast (1.32.1)
      parser (>= 3.3.1.0)
    ruby-progressbar (1.13.0)
    simplecov (0.22.0)
      docile (~> 1.1)
      simplecov-html (~> 0.11)
      simplecov_json_formatter (~> 0.1)
    simplecov-html (0.12.3)
    simplecov-lcov (0.8.0)
    simplecov_json_formatter (0.1.4)
    strscan (3.1.0)
    unicode-display_width (2.5.0)

PLATFORMS
  arm64-darwin-23
  ruby

DEPENDENCIES
  athena-udf!
  gem-release (~> 2.2)
  rake (~> 13.0)
  rspec (~> 3.0)
  rubocop (~> 1.21)
  simplecov (~> 0.22)
  simplecov-lcov (~> 0.8.0)

BUNDLED WITH
   2.5.17
